GEM
  remote: https://rubygems.org/
  specs:
    base64 (0.2.0)
    concurrent-ruby (1.3.4)
    faker (3.4.2)
      i18n (>= 1.8.11, < 2)
    i18n (1.14.6)
      concurrent-ruby (~> 1.0)
    logger (1.6.1)
    multi_json (1.15.0)
    mustermann (3.0.3)
      ruby2_keywords (~> 0.0.1)
    nio4r (2.7.3)
    ostruct (0.6.0)
    puma (6.4.3)
      nio4r (~> 2.0)
    rack (2.2.9)
    rack-cors (2.0.2)
      rack (>= 2.0.0)
    rack-protection (3.2.0)
      base64 (>= 0.1.0)
      rack (~> 2.2, >= 2.2.4)
    ruby2_keywords (0.0.5)
    sinatra (3.2.0)
      mustermann (~> 3.0)
      rack (~> 2.2, >= 2.2.4)
      rack-protection (= 3.2.0)
      tilt (~> 2.0)
    sinatra-contrib (3.2.0)
      multi_json (>= 0.0.2)
      mustermann (~> 3.0)
      rack-protection (= 3.2.0)
      sinatra (= 3.2.0)
      tilt (~> 2.0)
    sinatra-cors (1.2.0)
    tilt (2.4.0)

PLATFORMS
  arm64-darwin-22
  ruby

DEPENDENCIES
  base64
  faker
  logger
  ostruct
  puma (~> 6.4)
  rack (~> 2.2)
  rack-cors
  sinatra
  sinatra-contrib
  sinatra-cors

BUNDLED WITH
   2.5.5
